GEM
  remote: https://rubygems.org/
  specs:
    cairo (1.15.3)
      pkg-config (>= 1.1.5)
    coderay (1.1.1)
    ffi (1.9.18)
    formatador (0.2.5)
    gdk_pixbuf2 (3.1.0)
      gio2 (= 3.1.0)
    gio2 (3.1.0)
      glib2 (= 3.1.0)
      gobject-introspection (= 3.1.0)
    glib2 (3.1.0)
      pkg-config
    gobject-introspection (3.1.0)
      glib2 (= 3.1.0)
    guard (2.14.1)
      formatador (>= 0.2.4)
      listen (>= 2.7, < 4.0)
      lumberjack (~> 1.0)
      nenv (~> 0.1)
      notiffany (~> 0.0)
      pry (>= 0.9.12)
      shellany (~> 0.0)
      thor (>= 0.18.1)
    guard-rake (1.0.0)
      guard
      rake
    listen (3.1.5)
      rb-fsevent (~> 0.9, >= 0.9.4)
      rb-inotify (~> 0.9, >= 0.9.7)
      ruby_dep (~> 1.2)
    lumberjack (1.0.11)
    mercenary (0.3.6)
    method_source (0.8.2)
    mini_portile2 (2.1.0)
    nenv (0.3.0)
    nokogiri (1.6.8.1)
      mini_portile2 (~> 2.1.0)
    notiffany (0.1.1)
      nenv (~> 0.1)
      shellany (~> 0.0)
    pango (3.1.0)
      cairo (>= 1.14.0)
      glib2 (= 3.1.0)
    pkg-config (1.1.7)
    pry (0.10.4)
      coderay (~> 1.1.0)
      method_source (~> 0.8.1)
      slop (~> 3.4)
    rake (11.1.1)
    rb-fsevent (0.9.8)
    rb-inotify (0.9.8)
      ffi (>= 0.5.0)
    roo (2.5.1)
      nokogiri (~> 1)
      rubyzip (~> 1.1, < 2.0.0)
    rsvg2 (3.1.0)
      cairo (>= 1.12.8)
      gdk_pixbuf2 (= 3.1.0)
    ruby-progressbar (1.8.1)
    ruby_dep (1.5.0)
    rubyzip (1.2.0)
    shellany (0.0.1)
    slop (3.6.0)
    squib (0.12.0)
      cairo (~> 1.15.3)
      gio2 (~> 3.1.0)
      gobject-introspection (~> 3.1.0)
      mercenary (~> 0.3.4)
      nokogiri (~> 1.6.7)
      pango (~> 3.1.0)
      roo (~> 2.5.1)
      rsvg2 (~> 3.1.0)
      ruby-progressbar (~> 1.8)
    thor (0.19.4)

PLATFORMS
  ruby

DEPENDENCIES
  guard
  guard-rake
  rake
  squib

BUNDLED WITH
   1.14.6
