GEM
  remote: https://rubygems.org/
  specs:
    cairo (1.15.3)
      pkg-config (>= 1.1.5)
    gdk_pixbuf2 (3.1.0)
      gio2 (= 3.1.0)
    gio2 (3.1.0)
      glib2 (= 3.1.0)
      gobject-introspection (= 3.1.0)
    glib2 (3.1.0)
      pkg-config
    gobject-introspection (3.1.0)
      glib2 (= 3.1.0)
    mercenary (0.3.6)
    mini_portile2 (2.1.0)
    nokogiri (1.6.8.1)
      mini_portile2 (~> 2.1.0)
    pango (3.1.0)
      cairo (>= 1.14.0)
      glib2 (= 3.1.0)
    pkg-config (1.1.7)
    rake (11.1.1)
    roo (2.5.1)
      nokogiri (~> 1)
      rubyzip (~> 1.1, < 2.0.0)
    rsvg2 (3.1.0)
      cairo (>= 1.12.8)
      gdk_pixbuf2 (= 3.1.0)
    ruby-progressbar (1.8.1)
    rubyzip (1.2.0)
    squib (0.12.0)
      cairo (~> 1.15.3)
      gio2 (~> 3.1.0)
      gobject-introspection (~> 3.1.0)
      mercenary (~> 0.3.4)
      nokogiri (~> 1.6.7)
      pango (~> 3.1.0)
      roo (~> 2.5.1)
      rsvg2 (~> 3.1.0)
      ruby-progressbar (~> 1.8)

PLATFORMS
  ruby

DEPENDENCIES
  rake
  squib
